PATH
  remote: .
  specs:
    capybara-webkit (1.1.1.2)
      capybara (>= 2.0.2)
      json

GEM
  remote: https://rubygems.org/
  specs:
    appraisal (0.4.1)
      bundler
      rake
    capybara (2.2.1)
      mime-types (>= 1.16)
      nokogiri (>= 1.3.3)
      rack (>= 1.0.0)
      rack-test (>= 0.5.4)
      xpath (~> 2.0)
    childprocess (0.5.2)
      ffi (~> 1.0, >= 1.0.11)
    diff-lcs (1.2.5)
    ffi (1.9.3)
    ffi (1.9.3-java)
    ffi (1.9.3-x86-mingw32)
    json (1.8.1)
    json (1.8.1-java)
    mime-types (2.2)
    mini_magick (3.7.0)
      subexec (~> 0.2.1)
    mini_portile (0.5.3)
    multi_json (1.9.2)
    nokogiri (1.6.1)
      mini_portile (~> 0.5.0)
    nokogiri (1.6.1-java)
      mini_portile (~> 0.5.0)
    nokogiri (1.6.1-x86-mingw32)
      mini_portile (~> 0.5.0)
    rack (1.5.2)
    rack-protection (1.5.2)
      rack
    rack-test (0.6.2)
      rack (>= 1.0)
    rake (10.2.2)
    rspec (2.14.1)
      rspec-core (~> 2.14.0)
      rspec-expectations (~> 2.14.0)
      rspec-mocks (~> 2.14.0)
    rspec-core (2.14.8)
    rspec-expectations (2.14.5)
      diff-lcs (>= 1.1.3, < 2.0)
    rspec-mocks (2.14.6)
    rubyzip (1.1.2)
    selenium-webdriver (2.41.0)
      childprocess (>= 0.5.0)
      multi_json (~> 1.0)
      rubyzip (~> 1.0)
      websocket (~> 1.0.4)
    sinatra (1.4.4)
      rack (~> 1.4)
      rack-protection (~> 1.4)
      tilt (~> 1.3, >= 1.3.4)
    subexec (0.2.3)
    tilt (1.4.1)
    websocket (1.0.7)
    xpath (2.0.0)
      nokogiri (~> 1.3)

PLATFORMS
  java
  ruby
  x86-mingw32

DEPENDENCIES
  appraisal (~> 0.4.0)
  capybara-webkit!
  mini_magick
  rake
  rspec (~> 2.14.0)
  selenium-webdriver
  sinatra
